GIT
  remote: https://github.com/vTinMan/ready
  revision: 2d68832a80960ef45305a5192357d6362ffa5fc9
  specs:
    ready (0.0.1)

GEM
  remote: https://rubygems.org/
  specs:
    coderay (1.1.3)
    method_source (1.0.0)
    pry (0.14.0)
      coderay (~> 1.1)
      method_source (~> 1.0)

PLATFORMS
  ruby

DEPENDENCIES
  pry
  ready!

BUNDLED WITH
   2.0.2
